GEM
  remote: https://rubygems.org/
  specs:
    discourse_theme (0.3.5)
      listen (~> 3.1)
      minitar (~> 0.6)
      multipart-post (~> 2.0)
      rubyzip (~> 1.2)
      tty-prompt (~> 0.18)
    ffi (1.13.1)
    listen (3.2.1)
      rb-fsevent (~> 0.10, >= 0.10.3)
      rb-inotify (~> 0.9, >= 0.9.10)
    minitar (0.9)
    multipart-post (2.1.1)
    pastel (0.8.0)
      tty-color (~> 0.5)
    rb-fsevent (0.10.4)
    rb-inotify (0.10.1)
      ffi (~> 1.0)
    rubyzip (1.3.0)
    tty-color (0.5.2)
    tty-cursor (0.7.1)
    tty-prompt (0.22.0)
      pastel (~> 0.8)
      tty-reader (~> 0.8)
    tty-reader (0.8.0)
      tty-cursor (~> 0.7)
      tty-screen (~> 0.8)
      wisper (~> 2.0)
    tty-screen (0.8.1)
    wisper (2.0.1)

PLATFORMS
  ruby

DEPENDENCIES
  discourse_theme

BUNDLED WITH
   2.1.4
